GIT
  remote: git://github.com/soveran/cuba.git
  revision: 14787306a3afffca860729bb63fe5e29096cc823
  specs:
    cuba (3.1.0)
      rack

GIT
  remote: https://github.com/djanowski/cutest.git
  revision: 0dbe4ad36f4d7701640213803bf4d32c7dff9e31
  specs:
    cutest (1.2.0.rc2)

GIT
  remote: https://github.com/jnicklas/capybara.git
  revision: 3d158a0dc03276e2a79fe5f50501800b12358354
  specs:
    capybara (2.0.0.beta2)
      mime-types (>= 1.16)
      nokogiri (>= 1.3.3)
      rack (>= 1.0.0)
      rack-test (>= 0.5.4)
      selenium-webdriver (~> 2.0)
      xpath (~> 1.0.0.beta1)

GIT
  remote: https://github.com/jnicklas/xpath.git
  revision: 8a9d7ccce7183bed900dd337db1553e20f504273
  specs:
    xpath (1.0.0.beta1)
      nokogiri (~> 1.3)

GEM
  remote: http://rubygems.org/
  remote: http://gems.github.com/
  specs:
    addressable (2.3.2)
    childprocess (0.3.5)
      ffi (~> 1.0, >= 1.0.6)
    coderay (1.0.7)
    ffi (1.1.5)
    guard (1.3.2)
      listen (>= 0.4.2)
      thor (>= 0.14.6)
    guard-test (0.5.0)
      guard (>= 1.1.0)
      test-unit (~> 2.2)
    libwebsocket (0.1.5)
      addressable
    listen (0.4.7)
      rb-fchange (~> 0.0.5)
      rb-fsevent (~> 0.9.1)
      rb-inotify (~> 0.8.8)
    method_source (0.8)
    mime-types (1.19)
    multi_json (1.3.6)
    nokogiri (1.5.5)
    pry (0.9.10)
      coderay (~> 1.0.5)
      method_source (~> 0.8)
      slop (~> 3.3.1)
    rack (1.4.1)
    rack-test (0.6.1)
      rack (>= 1.0)
    rb-fchange (0.0.5)
      ffi
    rb-fsevent (0.9.1)
    rb-inotify (0.8.8)
      ffi (>= 0.5.0)
    rubyzip (0.9.9)
    selenium-webdriver (2.25.0)
      childprocess (>= 0.2.5)
      libwebsocket (~> 0.1.3)
      multi_json (~> 1.0)
      rubyzip
    slop (3.3.2)
    test-unit (2.5.1)
    thor (0.16.0)

PLATFORMS
  ruby

DEPENDENCIES
  capybara!
  cuba!
  cutest!
  guard
  guard-test
  pry
  rack-test
  xpath!
