GIT
  remote: git://github.com/soveran/cuba.git
  revision: de982bee030f24d7d15b45dba2c9829b7d350c2b
  specs:
    cuba (3.1.1)
      rack

GIT
  remote: https://github.com/djanowski/cutest.git
  revision: 384e7e3f5b6d0e1d32daac10a5b03826c7ad2d90
  specs:
    cutest (1.2.1)

GIT
  remote: https://github.com/erich/Validator.git
  revision: aec40741e7eccdb464113e695871da31c7595062
  specs:
    validator (0.4.0)

GIT
  remote: https://github.com/jnicklas/capybara.git
  revision: a2ec9c1fd0d5ab2b39aff59ddf1a011b657899ee
  specs:
    capybara (2.2.0)
      mime-types (>= 1.16)
      nokogiri (>= 1.3.3)
      rack (>= 1.0.0)
      rack-test (>= 0.5.4)
      xpath (~> 2.0)

GIT
  remote: https://github.com/jnicklas/xpath.git
  revision: 59badfa50d645ac64c70fc6a0c2f7fe826999a1f
  specs:
    xpath (2.0.0)
      nokogiri (~> 1.3)

GEM
  remote: http://gems.github.com/
  specs:
    addressable (2.3.6)
    celluloid (0.15.2)
      timers (~> 1.1.0)
    celluloid-io (0.15.0)
      celluloid (>= 0.15.0)
      nio4r (>= 0.5.0)
    coderay (1.1.0)
    ffi (1.9.3)
    formatador (0.2.4)
    guard (2.6.0)
      formatador (>= 0.2.4)
      listen (~> 2.7)
      lumberjack (~> 1.0)
      pry (>= 0.9.12)
      thor (>= 0.18.1)
    guard-test (2.0.4)
      guard (~> 2.0)
      test-unit (~> 2.2)
    launchy (2.4.2)
      addressable (~> 2.3)
    listen (2.7.1)
      celluloid (>= 0.15.2)
      celluloid-io (>= 0.15.0)
      rb-fsevent (>= 0.9.3)
      rb-inotify (>= 0.9)
    lumberjack (1.0.5)
    method_source (0.8.2)
    mime-types (2.2)
    mini_portile (0.5.3)
    nio4r (1.0.0)
    nokogiri (1.6.1)
      mini_portile (~> 0.5.0)
    pry (0.9.12.6)
      coderay (~> 1.0)
      method_source (~> 0.8)
      slop (~> 3.4)
    rack (1.5.2)
    rack-test (0.6.2)
      rack (>= 1.0)
    rb-fsevent (0.9.4)
    rb-inotify (0.9.3)
      ffi (>= 0.5.0)
    shotgun (0.9)
      rack (>= 1.0)
    slim (2.0.2)
      temple (~> 0.6.6)
      tilt (>= 1.3.3, < 2.1)
    slop (3.5.0)
    temple (0.6.7)
    test-unit (2.5.5)
    thor (0.19.1)
    tilt (2.0.1)
    timers (1.1.0)

PLATFORMS
  ruby

DEPENDENCIES
  capybara!
  cuba!
  cutest!
  guard
  guard-test
  launchy
  pry
  rack-test
  shotgun
  slim
  validator!
  xpath!
